GEM
  remote: http://rubygems.org/
  specs:
    multi_json (1.3.6)
    oauth (0.4.6)
    unidecoder (1.1.2)

PLATFORMS
  ruby

DEPENDENCIES
  multi_json
  oauth
  unidecoder
